GEM
  remote: https://rubygems.org/
  specs:
    colorize (0.8.1)
    slack-notifier (1.5.1)
    taperole (2.1.1)
      colorize (~> 0.8.1)
      slack-notifier (~> 1.5)
      thor (~> 0.19.1)
    thor (0.19.4)

PLATFORMS
  ruby

DEPENDENCIES
  taperole (= 2.1.1)

BUNDLED WITH
   1.17.1
